PATH
  remote: .
  specs:
    bee (0.13.0)

GEM
  remote: https://rubygems.org/
  specs:
    activemodel (5.2.0)
      activesupport (= 5.2.0)
    activesupport (5.2.0)
      concurrent-ruby (~> 1.0, >= 1.0.2)
      i18n (>= 0.7, < 2)
      minitest (~> 5.1)
      tzinfo (~> 1.1)
    concurrent-ruby (1.0.5)
    concurrent-ruby (1.0.5-java)
    diff-lcs (1.3)
    ethon (0.11.0)
      ffi (>= 1.3.0)
    faraday (0.14.0)
      multipart-post (>= 1.2, < 3)
    faraday_middleware (0.12.2)
      faraday (>= 0.7.4, < 1.0)
    faraday_middleware-multi_json (0.0.6)
      faraday_middleware
      multi_json
    ffi (1.9.23)
    ffi (1.9.23-java)
    httpclient (2.8.3)
    i18n (1.0.0)
      concurrent-ruby (~> 1.0)
    json (2.1.0)
    json (2.1.0-java)
    minitest (5.11.3)
    multi_json (1.13.1)
    multipart-post (2.0.0)
    neo4j (9.2.1)
      activemodel (>= 4.0)
      activesupport (>= 4.0)
      neo4j-core (>= 7.2.2)
      orm_adapter (~> 0.5.0)
    neo4j-community (2.2.4.1)
    neo4j-core (8.1.4)
      activesupport (>= 4.0)
      faraday (>= 0.9.0)
      faraday_middleware (>= 0.10.0)
      faraday_middleware-multi_json
      httpclient
      json
      multi_json
      typhoeus (>= 1.1.2)
    neo4j-rake_tasks (0.7.18)
      os
      rake
      ruby-progressbar
      rubyzip (>= 1.1.7)
    orm_adapter (0.5.0)
    os (1.0.0)
    rake (10.5.0)
    rspec (3.7.0)
      rspec-core (~> 3.7.0)
      rspec-expectations (~> 3.7.0)
      rspec-mocks (~> 3.7.0)
    rspec-core (3.7.1)
      rspec-support (~> 3.7.0)
    rspec-expectations (3.7.0)
      diff-lcs (>= 1.2.0, < 2.0)
      rspec-support (~> 3.7.0)
    rspec-mocks (3.7.0)
      diff-lcs (>= 1.2.0, < 2.0)
      rspec-support (~> 3.7.0)
    rspec-support (3.7.1)
    ruby-progressbar (1.9.0)
    rubyzip (1.2.1)
    thread_safe (0.3.6)
    thread_safe (0.3.6-java)
    typhoeus (1.3.0)
      ethon (>= 0.9.0)
    tzinfo (1.2.5)
      thread_safe (~> 0.1)

PLATFORMS
  java
  ruby

DEPENDENCIES
  bee!
  bundler
  neo4j (> 5.0.0)
  neo4j-community
  neo4j-rake_tasks
  rake (~> 10.0)
  rspec

BUNDLED WITH
   1.16.1
